GEM
  remote: http://rubygems.org/
  specs:
    addressable (2.2.8)
    excon (0.16.2)
    faraday (0.5.7)
      addressable (~> 2.2.4)
      multipart-post (~> 1.1.0)
      rack (>= 1.1.0, < 2)
    multipart-post (1.1.5)
    rack (1.4.1)
    yajl-ruby (1.1.0)

PLATFORMS
  ruby

DEPENDENCIES
  excon
  faraday (~> 0.5.7)
  yajl-ruby
